PATH
  remote: .
  specs:
    ixtlan-optimistic (0.1.0)

GEM
  remote: http://rubygems.org/
  specs:
    addressable (2.2.8)
    data_objects (0.10.8)
      addressable (~> 2.1)
    dm-core (1.2.0)
      addressable (~> 2.2.6)
    dm-do-adapter (1.2.0)
      data_objects (~> 0.10.6)
      dm-core (~> 1.2.0)
    dm-migrations (1.2.0)
      dm-core (~> 1.2.0)
    dm-sqlite-adapter (1.2.0)
      dm-do-adapter (~> 1.2.0)
      do_sqlite3 (~> 0.10.6)
    dm-timestamps (1.2.0)
      dm-core (~> 1.2.0)
    do_sqlite3 (0.10.8)
      data_objects (= 0.10.8)
    minitest (3.2.0)
    rake (0.9.2.2)

PLATFORMS
  ruby

DEPENDENCIES
  dm-migrations (= 1.2.0)
  dm-sqlite-adapter (= 1.2.0)
  dm-timestamps (= 1.2.0)
  ixtlan-optimistic!
  minitest (= 3.2.0)
  rake (= 0.9.2.2)
